GEM
  remote: https://rubygems.org/
  specs:
    activesupport (3.2.15)
      i18n (~> 0.6, >= 0.6.4)
      multi_json (~> 1.0)
    aws-sdk (1.29.0)
      json (~> 1.4)
      nokogiri (>= 1.4.4)
      uuidtools (~> 2.1)
    bart (0.0.1)
      nokogiri
    builder (3.2.2)
    colored (1.2)
    commander (4.1.5)
      highline (~> 1.6.11)
    cucumber (1.3.10)
      builder (>= 2.1.2)
      diff-lcs (>= 1.1.3)
      gherkin (~> 2.12)
      multi_json (>= 1.7.5, < 2.0)
      multi_test (>= 0.0.2)
    diff-lcs (1.2.5)
    dnssd (2.0)
    dotenv (0.9.0)
    faraday (0.8.8)
      multipart-post (~> 1.2.0)
    faraday_middleware (0.9.0)
      faraday (>= 0.7.4, < 0.9)
    frank-cucumber (1.2.1)
      cucumber
      dnssd
      i18n
      json
      plist
      rspec (>= 2.0)
      sim_launcher (>= 0.4.6)
      thor
      xcodeproj (>= 0.5.3)
    gherkin (2.12.2)
      multi_json (~> 1.3)
    haml (4.0.4)
      tilt
    hashie (2.0.5)
    highline (1.6.20)
    i18n (0.6.5)
    json (1.8.1)
    mini_portile (0.5.2)
    multi_json (1.8.2)
    multi_test (0.0.2)
    multipart-post (1.2.0)
    net-sftp (2.1.2)
      net-ssh (>= 2.6.5)
    net-ssh (2.7.0)
    nokogiri (1.6.0)
      mini_portile (~> 0.5.0)
    plist (3.1.0)
    rack (1.5.2)
    rack-protection (1.5.1)
      rack
    rake (10.1.0)
    rspec (2.14.1)
      rspec-core (~> 2.14.0)
      rspec-expectations (~> 2.14.0)
      rspec-mocks (~> 2.14.0)
    rspec-core (2.14.7)
    rspec-expectations (2.14.4)
      diff-lcs (>= 1.1.3, < 2.0)
    rspec-mocks (2.14.4)
    shenzhen (0.5.3)
      aws-sdk (~> 1.0)
      commander (~> 4.1)
      dotenv (~> 0.7)
      faraday (~> 0.8)
      faraday_middleware (~> 0.9)
      json (~> 1.8)
      net-sftp (~> 2.1.2)
    sim_launcher (0.4.6)
      sinatra
    sinatra (1.4.4)
      rack (~> 1.4)
      rack-protection (~> 1.4)
      tilt (~> 1.3, >= 1.3.4)
    thor (0.18.1)
    tilt (1.4.1)
    uuidtools (2.1.4)
    xcodeproj (0.14.1)
      activesupport (~> 3.0)
      colored (~> 1.2)
      rake

PLATFORMS
  ruby

DEPENDENCIES
  bart
  frank-cucumber (~> 1.2.1)
  haml
  hashie
  json
  rake
  shenzhen
  sinatra
