GEM
  remote: https://rubygems.org/
  specs:
    state_machine (1.1.2)
    xcodebuild-rb (0.3.0)
      state_machine (~> 1.1.2)

PLATFORMS
  ruby

DEPENDENCIES
  xcodebuild-rb
